GEM
  remote: https://rubygems.org/
  specs:
    aws-sdk (1.34.1)
      json (~> 1.4)
      nokogiri (>= 1.4.4)
      uuidtools (~> 2.1)
    colorize (0.6.0)
    diff-lcs (1.2.5)
    json (1.8.1)
    mini_portile (0.5.2)
    mysql2 (0.3.15)
    nokogiri (1.6.1)
      mini_portile (~> 0.5.0)
    rspec (2.14.1)
      rspec-core (~> 2.14.0)
      rspec-expectations (~> 2.14.0)
      rspec-mocks (~> 2.14.0)
    rspec-core (2.14.7)
    rspec-expectations (2.14.5)
      diff-lcs (>= 1.1.3, < 2.0)
    rspec-mocks (2.14.5)
    uuidtools (2.1.4)

PLATFORMS
  ruby

DEPENDENCIES
  aws-sdk
  colorize
  mysql2
  rspec
